GEM
  remote: https://rubygems.org/
  specs:
    addressable (2.5.2)
      public_suffix (>= 2.0.2, < 4.0)
    axiom-types (0.1.1)
      descendants_tracker (~> 0.0.4)
      ice_nine (~> 0.11.0)
      thread_safe (~> 0.3, >= 0.3.1)
    byebug (9.1.0)
    coercible (1.0.0)
      descendants_tracker (~> 0.0.1)
    descendants_tracker (0.0.4)
      thread_safe (~> 0.3, >= 0.3.1)
    equalizer (0.0.11)
    faraday (0.13.1)
      multipart-post (>= 1.2, < 3)
    ice_nine (0.11.2)
    liquid (4.0.0)
    multipart-post (2.0.0)
    netrc (0.11.0)
    octokit (4.7.0)
      sawyer (~> 0.8.0, >= 0.5.3)
    public_suffix (3.0.1)
    sawyer (0.8.1)
      addressable (>= 2.3.5, < 2.6)
      faraday (~> 0.8, < 1.0)
    thread_safe (0.3.6)
    virtus (1.0.5)
      axiom-types (~> 0.1)
      coercible (~> 1.0)
      descendants_tracker (~> 0.0, >= 0.0.3)
      equalizer (~> 0.0, >= 0.0.9)

PLATFORMS
  ruby

DEPENDENCIES
  byebug
  liquid (~> 4.0.0)
  netrc (~> 0.11.0)
  octokit (~> 4.7.0)
  virtus (~> 1.0.5)

BUNDLED WITH
   1.16.0
